PATH
  remote: .
  specs:
    snowflake (0.2.14)
      RedCloth (~> 4.2.3)
      activemodel (~> 3.0.0.rc)
      activesupport (~> 3.0.0.rc)
      json
      redis (~> 2.0.5)
      tzinfo
      uuidtools (~> 2.1.1)
      zmq (~> 2.0.7)

GEM
  remote: http://rubygems.org/
  specs:
    RedCloth (4.2.3)
    activemodel (3.0.0)
      activesupport (= 3.0.0)
      builder (~> 2.1.2)
      i18n (~> 0.4.1)
    activesupport (3.0.0)
    archive-tar-minitar (0.5.2)
    builder (2.1.2)
    columnize (0.3.1)
    daemon-kit (0.1.8.1)
      eventmachine (>= 0.12.10)
    eventmachine (0.12.10)
    i18n (0.4.1)
    json (1.4.6)
    linecache19 (0.5.11)
      ruby_core_source (>= 0.1.4)
    mocha (0.9.8)
      rake
    rake (0.8.7)
    rcov (0.9.8)
    redis (2.0.5)
    rspec (1.3.0)
    ruby-debug-base19 (0.11.24)
      columnize (>= 0.3.1)
      linecache19 (>= 0.5.11)
      ruby_core_source (>= 0.1.4)
    ruby-debug19 (0.11.6)
      columnize (>= 0.3.1)
      linecache19 (>= 0.5.11)
      ruby-debug-base19 (>= 0.11.19)
    ruby_core_source (0.1.4)
      archive-tar-minitar (>= 0.5.2)
    tzinfo (0.3.23)
    uuidtools (2.1.1)
    yard (0.6.0)
    zmq (2.0.7.1)

PLATFORMS
  ruby

DEPENDENCIES
  daemon-kit (= 0.1.8.1)
  mocha
  rake
  rcov
  rspec (= 1.3.0)
  ruby-debug19
  snowflake!
  yard
